GEM
  remote: http://rubygems.org/
  specs:
    CFPropertyList (2.0.17)
      libxml-ruby (>= 1.1.0)
      rake (>= 0.7.0)
    betabuilder (0.5.0)
      CFPropertyList (~> 2.0.0)
      json (~> 1.4.6)
      rest-client (~> 1.6.1)
      uuid (~> 2.3.1)
    json (1.4.6)
    libxml-ruby (2.0.9)
    macaddr (1.0.0)
    mime-types (1.16)
    rake (0.9.2)
    rest-client (1.6.3)
      mime-types (>= 1.16)
    uuid (2.3.2)
      macaddr (~> 1.0)

PLATFORMS
  ruby

DEPENDENCIES
  betabuilder (~> 0.5.0)
